PATH
  remote: .
  specs:
    pokemon_cli (0.1.0)

GEM
  remote: https://rubygems.org/
  specs:
    poke-api-v2 (0.1.0)
    rake (10.5.0)

PLATFORMS
  ruby

DEPENDENCIES
  bundler (~> 2.0)
  poke-api-v2
  pokemon_cli!
  rake (~> 10.0)

BUNDLED WITH
   2.0.1
